GIT
  remote: https://github.com/AlchemyCMS/alchemy-devise.git
  revision: 0915f2b15b4e7c781c383609a837ababdadbc938
  branch: 5.0-stable
  specs:
    alchemy-devise (5.0.1)
      alchemy_cms (>= 4.1.0, < 5.1)
      devise (>= 4.7.1, < 5)

GIT
  remote: https://github.com/AlchemyCMS/alchemy-graphql.git
  revision: bf84ed43f9da5fc7e32fa7f4e00e971b503227b2
  branch: main
  specs:
    alchemy-graphql (0.1.0)
      alchemy_cms (>= 4.2.0.rc1, < 6)
      graphql (~> 1.9)

GIT
  remote: https://github.com/AlchemyCMS/alchemy_cloudinary.git
  revision: 7635bca23698f38757aed8b3394cc4e8cde85c40
  branch: main
  specs:
    alchemy_cloudinary (1.0.0)
      alchemy_cms (>= 4.1.0.beta, < 6)
      cloudinary (~> 1.9)

GIT
  remote: https://github.com/AlchemyCMS/alchemy_cms.git
  revision: b8ff38b24a8e78b2ab74caf0a4401c357fea6ef9
  branch: 5.0-stable
  specs:
    alchemy_cms (5.0.10)
      active_model_serializers (~> 0.10.0)
      acts_as_list (>= 0.3, < 2)
      awesome_nested_set (~> 3.1)
      cancancan (>= 2.1, < 4.0)
      coffee-rails (~> 4.0, < 5.0)
      dragonfly (~> 1.4)
      dragonfly_svg (~> 0.0.4)
      gutentag (~> 2.2, >= 2.2.1)
      handlebars_assets (~> 0.23)
      jquery-rails (~> 4.0, >= 4.0.4)
      jquery-ui-rails (~> 6.0)
      kaminari (~> 1.1)
      non-stupid-digest-assets (~> 1.0.8)
      originator (~> 3.1)
      rails (>= 5.2.0, < 6.1)
      ransack (>= 1.8, < 3.0)
      request_store (~> 1.2)
      responders (>= 2.0, < 4.0)
      sassc-rails (~> 2.1)
      select2-rails (>= 3.5.9.1, < 4.0)
      simple_form (>= 4.0, < 6)
      sprockets (>= 3.0, < 5)
      turbolinks (>= 2.5)
      webpacker (>= 4.0, < 6)

GIT
  remote: https://github.com/AlchemyCMS/alchemy_i18n.git
  revision: fa4d4bfaed46d732313e5cc50ebdae805a3e1c18
  branch: 2.3-stable
  specs:
    alchemy_i18n (2.3.1)
      alchemy_cms (>= 4.4.0.a, < 6.0)
      rails-i18n

GEM
  remote: https://rubygems.org/
  specs:
    actioncable (6.0.5)
      actionpack (= 6.0.5)
      nio4r (~> 2.0)
      websocket-driver (>= 0.6.1)
    actionmailbox (6.0.5)
      actionpack (= 6.0.5)
      activejob (= 6.0.5)
      activerecord (= 6.0.5)
      activestorage (= 6.0.5)
      activesupport (= 6.0.5)
      mail (>= 2.7.1)
    actionmailer (6.0.5)
      actionpack (= 6.0.5)
      actionview (= 6.0.5)
      activejob (= 6.0.5)
      mail (~> 2.5, >= 2.5.4)
      rails-dom-testing (~> 2.0)
    actionpack (6.0.5)
      actionview (= 6.0.5)
      activesupport (= 6.0.5)
      rack (~> 2.0, >= 2.0.8)
      rack-test (>= 0.6.3)
      rails-dom-testing (~> 2.0)
      rails-html-sanitizer (~> 1.0, >= 1.2.0)
    actiontext (6.0.5)
      actionpack (= 6.0.5)
      activerecord (= 6.0.5)
      activestorage (= 6.0.5)
      activesupport (= 6.0.5)
      nokogiri (>= 1.8.5)
    actionview (6.0.5)
      activesupport (= 6.0.5)
      builder (~> 3.1)
      erubi (~> 1.4)
      rails-dom-testing (~> 2.0)
      rails-html-sanitizer (~> 1.1, >= 1.2.0)
    active_model_serializers (0.10.13)
      actionpack (>= 4.1, < 7.1)
      activemodel (>= 4.1, < 7.1)
      case_transform (>= 0.2)
      jsonapi-renderer (>= 0.1.1.beta1, < 0.3)
    activejob (6.0.5)
      activesupport (= 6.0.5)
      globalid (>= 0.3.6)
    activemodel (6.0.5)
      activesupport (= 6.0.5)
    activerecord (6.0.5)
      activemodel (= 6.0.5)
      activesupport (= 6.0.5)
    activestorage (6.0.5)
      actionpack (= 6.0.5)
      activejob (= 6.0.5)
      activerecord (= 6.0.5)
      marcel (~> 1.0)
    activesupport (6.0.5)
      concurrent-ruby (~> 1.0, >= 1.0.2)
      i18n (>= 0.7, < 2)
      minitest (~> 5.1)
      tzinfo (~> 1.1)
      zeitwerk (~> 2.2, >= 2.2.2)
    acts_as_list (1.0.4)
      activerecord (>= 4.2)
    addressable (2.8.0)
      public_suffix (>= 2.0.2, < 5.0)
    awesome_nested_set (3.5.0)
      activerecord (>= 4.0.0, < 7.1)
    aws_cf_signer (0.1.3)
    bcrypt (3.1.18)
    bindex (0.8.1)
    bootsnap (1.11.1)
      msgpack (~> 1.2)
    builder (3.2.4)
    cancancan (3.3.0)
    case_transform (0.2)
      activesupport
    cloudinary (1.23.0)
      aws_cf_signer
      rest-client (>= 2.0.0)
    coderay (1.1.3)
    coffee-rails (4.2.2)
      coffee-script (>= 2.2.0)
      railties (>= 4.0.0)
    coffee-script (2.4.1)
      coffee-script-source
      execjs
    coffee-script-source (1.12.2)
    concurrent-ruby (1.1.10)
    crass (1.0.6)
    dalli (2.7.11)
    database_cleaner (1.99.0)
    devise (4.8.1)
      bcrypt (~> 3.0)
      orm_adapter (~> 0.1)
      railties (>= 4.1.0)
      responders
      warden (~> 1.2.3)
    domain_name (0.5.20190701)
      unf (>= 0.0.5, < 1.0.0)
    dotenv (2.7.6)
    dotenv-rails (2.7.6)
      dotenv (= 2.7.6)
      railties (>= 3.2)
    dragonfly (1.4.0)
      addressable (~> 2.3)
      multi_json (~> 1.0)
      rack (>= 1.3)
    dragonfly_svg (0.0.4)
      dragonfly (~> 1.0)
      nokogiri
    erubi (1.10.0)
    execjs (2.8.1)
    faraday (0.17.5)
      multipart-post (>= 1.2, < 3)
    ffi (1.15.5)
    globalid (1.0.0)
      activesupport (>= 5.0)
    graphiql-rails (1.4.8)
      rails
    graphql (1.13.12)
    gutentag (2.6.1)
      activerecord (>= 3.2.0)
    handlebars_assets (0.23.9)
      execjs (~> 2.0)
      sprockets (>= 2.0.0)
      tilt (>= 1.2)
    http-accept (1.7.0)
    http-cookie (1.0.5)
      domain_name (~> 0.5)
    i18n (1.10.0)
      concurrent-ruby (~> 1.0)
    jquery-rails (4.5.0)
      rails-dom-testing (>= 1, < 3)
      railties (>= 4.2.0)
      thor (>= 0.14, < 2.0)
    jquery-ui-rails (6.0.1)
      railties (>= 3.2.16)
    jsonapi-renderer (0.2.2)
    kaminari (1.2.2)
      activesupport (>= 4.1.0)
      kaminari-actionview (= 1.2.2)
      kaminari-activerecord (= 1.2.2)
      kaminari-core (= 1.2.2)
    kaminari-actionview (1.2.2)
      actionview
      kaminari-core (= 1.2.2)
    kaminari-activerecord (1.2.2)
      activerecord
      kaminari-core (= 1.2.2)
    kaminari-core (1.2.2)
    kgio (2.11.4)
    listen (3.1.5)
      rb-fsevent (~> 0.9, >= 0.9.4)
      rb-inotify (~> 0.9, >= 0.9.7)
      ruby_dep (~> 1.2)
    lograge (0.12.0)
      actionpack (>= 4)
      activesupport (>= 4)
      railties (>= 4)
      request_store (~> 1.0)
    loofah (2.18.0)
      crass (~> 1.0.2)
      nokogiri (>= 1.5.9)
    mail (2.7.1)
      mini_mime (>= 0.1.1)
    marcel (1.0.2)
    method_source (1.0.0)
    mime-types (3.4.1)
      mime-types-data (~> 3.2015)
    mime-types-data (3.2022.0105)
    mini_mime (1.1.2)
    mini_portile2 (2.8.0)
    minitest (5.15.0)
    msgpack (1.5.2)
    multi_json (1.15.0)
    multipart-post (2.1.1)
    netrc (0.11.0)
    newrelic_rpm (6.15.0)
    nio4r (2.5.8)
    nokogiri (1.13.6)
      mini_portile2 (~> 2.8.0)
      racc (~> 1.4)
    non-stupid-digest-assets (1.0.9)
      sprockets (>= 2.0)
    originator (3.1)
      actionpack (>= 4.0)
      activerecord (>= 4.0)
    orm_adapter (0.5.0)
    pg (1.3.5)
    pry (0.14.1)
      coderay (~> 1.1)
      method_source (~> 1.0)
    pry-rails (0.3.9)
      pry (>= 0.10.4)
    public_suffix (4.0.7)
    puma (5.6.4)
      nio4r (~> 2.0)
    racc (1.6.0)
    rack (2.2.3.1)
    rack-cache (1.13.0)
      rack (>= 0.4)
    rack-proxy (0.7.2)
      rack
    rack-test (1.1.0)
      rack (>= 1.0, < 3)
    rails (6.0.5)
      actioncable (= 6.0.5)
      actionmailbox (= 6.0.5)
      actionmailer (= 6.0.5)
      actionpack (= 6.0.5)
      actiontext (= 6.0.5)
      actionview (= 6.0.5)
      activejob (= 6.0.5)
      activemodel (= 6.0.5)
      activerecord (= 6.0.5)
      activestorage (= 6.0.5)
      activesupport (= 6.0.5)
      bundler (>= 1.3.0)
      railties (= 6.0.5)
      sprockets-rails (>= 2.0.0)
    rails-dom-testing (2.0.3)
      activesupport (>= 4.2.0)
      nokogiri (>= 1.6)
    rails-html-sanitizer (1.4.2)
      loofah (~> 2.3)
    rails-i18n (7.0.3)
      i18n (>= 0.7, < 2)
      railties (>= 6.0.0, < 8)
    railties (6.0.5)
      actionpack (= 6.0.5)
      activesupport (= 6.0.5)
      method_source
      rake (>= 0.8.7)
      thor (>= 0.20.3, < 2.0)
    rake (13.0.6)
    ransack (2.6.0)
      activerecord (>= 6.0.4)
      activesupport (>= 6.0.4)
      i18n
    rb-fsevent (0.11.1)
    rb-inotify (0.10.1)
      ffi (~> 1.0)
    request_store (1.5.1)
      rack (>= 1.4)
    responders (3.0.1)
      actionpack (>= 5.0)
      railties (>= 5.0)
    rest-client (2.1.0)
      http-accept (>= 1.7.0, < 2.0)
      http-cookie (>= 1.0.2, < 2.0)
      mime-types (>= 1.16, < 4.0)
      netrc (~> 0.8)
    ruby_dep (1.5.0)
    sass (3.7.4)
      sass-listen (~> 4.0.0)
    sass-listen (4.0.0)
      rb-fsevent (~> 0.9, >= 0.9.4)
      rb-inotify (~> 0.9, >= 0.9.7)
    sassc (2.4.0)
      ffi (~> 1.9)
    sassc-rails (2.1.2)
      railties (>= 4.0.0)
      sassc (>= 2.0)
      sprockets (> 3.0)
      sprockets-rails
      tilt
    select2-rails (3.5.11)
    semantic_range (3.0.0)
    sentry-raven (2.13.0)
      faraday (>= 0.7.6, < 1.0)
    simple_form (5.1.0)
      actionpack (>= 5.2)
      activemodel (>= 5.2)
    sprockets (4.0.3)
      concurrent-ruby (~> 1.0)
      rack (> 1, < 3)
    sprockets-rails (3.4.2)
      actionpack (>= 5.2)
      activesupport (>= 5.2)
      sprockets (>= 3.0.0)
    thor (1.2.1)
    thread_safe (0.3.6)
    tilt (2.0.10)
    turbolinks (5.2.1)
      turbolinks-source (~> 5.2)
    turbolinks-source (5.2.0)
    tzinfo (1.2.9)
      thread_safe (~> 0.1)
    uglifier (4.2.0)
      execjs (>= 0.3.0, < 3)
    unf (0.1.4)
      unf_ext
    unf_ext (0.0.8.2)
    warden (1.2.9)
      rack (>= 2.0.9)
    web-console (4.2.0)
      actionview (>= 6.0.0)
      activemodel (>= 6.0.0)
      bindex (>= 0.4.0)
      railties (>= 6.0.0)
    webpacker (5.4.3)
      activesupport (>= 5.2)
      rack-proxy (>= 0.6.1)
      railties (>= 5.2)
      semantic_range (>= 2.3.0)
    websocket-driver (0.7.5)
      websocket-extensions (>= 0.1.0)
    websocket-extensions (0.1.5)
    zeitwerk (2.5.4)
    zurb-foundation (4.3.2)
      sass (>= 3.2.0)

PLATFORMS
  ruby

DEPENDENCIES
  alchemy-devise!
  alchemy-graphql!
  alchemy_cloudinary!
  alchemy_cms!
  alchemy_i18n!
  bootsnap (>= 1.1.0)
  dalli (~> 2.7)
  database_cleaner (~> 1.7)
  dotenv-rails (~> 2.7)
  graphiql-rails (= 1.4.8)
  kgio (~> 2.11)
  listen (>= 3.0.5, < 3.2)
  lograge (~> 0.10)
  newrelic_rpm (~> 6.2)
  pg (~> 1.0)
  pry-rails
  puma (~> 5.0)
  rack-cache (~> 1.8)
  rails (~> 6.0.0)
  sassc-rails (~> 2.1)
  sentry-raven (~> 2.9)
  uglifier (>= 1.3.0)
  web-console (>= 3.3.0)
  zurb-foundation (~> 4.3.2)

RUBY VERSION
   ruby 2.7.6p219

BUNDLED WITH
   2.2.32
